PATH
  remote: .
  specs:
    semian (0.13.0)

GEM
  remote: https://rubygems.org/
  specs:
    ast (2.4.2)
    benchmark-memory (0.2.0)
      memory_profiler (~> 1)
    byebug (11.1.3)
    coderay (1.1.3)
    connection_pool (2.2.5)
    google-protobuf (3.21.2)
    google-protobuf (3.21.2-x86_64-darwin)
    googleapis-common-protos-types (1.3.2)
      google-protobuf (~> 3.14)
    grpc (1.47.0)
      google-protobuf (~> 3.19)
      googleapis-common-protos-types (~> 1.0)
    grpc (1.47.0-x86_64-darwin)
      google-protobuf (~> 3.19)
      googleapis-common-protos-types (~> 1.0)
    hiredis (0.6.3)
    hiredis-client (0.5.1)
      redis-client (= 0.5.1)
    json (2.6.2)
    memory_profiler (1.0.0)
    method_source (1.0.0)
    minitest (5.16.2)
    mocha (1.14.0)
    mysql2 (0.5.4)
    parallel (1.22.1)
    parser (3.1.2.0)
      ast (~> 2.4.1)
    pry (0.13.1)
      coderay (~> 1.1)
      method_source (~> 1.0)
    pry-byebug (3.9.0)
      byebug (~> 11.0)
      pry (~> 0.13.0)
    rainbow (3.1.1)
    rake (13.0.6)
    rake-compiler (1.2.0)
      rake
    redis (4.7.1)
    redis-client (0.5.1)
      connection_pool
    regexp_parser (2.5.0)
    rexml (3.2.5)
    rubocop (1.32.0)
      json (~> 2.3)
      parallel (~> 1.10)
      parser (>= 3.1.0.0)
      rainbow (>= 2.2.2, < 4.0)
      regexp_parser (>= 1.8, < 3.0)
      rexml (>= 3.2.5, < 4.0)
      rubocop-ast (>= 1.19.1, < 2.0)
      ruby-progressbar (~> 1.7)
      unicode-display_width (>= 1.4.0, < 3.0)
    rubocop-ast (1.19.1)
      parser (>= 3.1.1.0)
    rubocop-minitest (0.20.1)
      rubocop (>= 0.90, < 2.0)
    rubocop-rake (0.6.0)
      rubocop (~> 1.0)
    rubocop-shopify (2.8.0)
      rubocop (~> 1.31)
    ruby-progressbar (1.11.0)
    timecop (0.9.5)
    toxiproxy (2.0.1)
    unicode-display_width (2.2.0)
    webrick (1.7.0)

PLATFORMS
  ruby
  x86_64-darwin-21

DEPENDENCIES
  benchmark-memory
  grpc
  hiredis (~> 0.6)
  hiredis-client
  memory_profiler
  minitest
  mocha
  mysql2 (~> 0.5)
  pry-byebug
  rake
  rake-compiler
  redis
  rubocop
  rubocop-minitest
  rubocop-rake
  rubocop-shopify
  semian!
  timecop
  toxiproxy
  webrick

BUNDLED WITH
   2.3.14
