GEM
  remote: https://rubygems.org/
  specs:
    bigdecimal (3.3.0)
    gruff (0.29.0)
      bigdecimal (>= 3.0)
      histogram
      rmagick (>= 5.5)
    histogram (0.2.4.1)
    observer (0.1.2)
    pkg-config (1.6.4)
    rmagick (6.1.4)
      observer (~> 0.1)
      pkg-config (~> 1.4)

PLATFORMS
  arm64-darwin-23
  ruby

DEPENDENCIES
  gruff (~> 0.23)

BUNDLED WITH
   2.6.9
